GIT
  remote: http://github.com/kevwil/aspen.git
  revision: 60d043bf4d49336f03637b8bd99220cfeda5bce9
  ref: 60d043bf4d49336f03637b8bd99220cfeda5bce9
  specs:
    aspen (1.0)

GIT
  remote: http://github.com/strobecorp/kirk.git
  revision: a6218f8c8e96d192c19910f422343663209e8d70
  ref: a6218f8c8e96d192c19910f422343663209e8d70
  specs:
    kirk (0.2.0.beta.3-java)

GEM
  remote: http://rubygems.torquebox.org/2193/
  remote: http://rubygems.org/
  specs:
    jruby-rack (1.0.8)
    mizuno (0.4.0)
      rack (>= 1.0.0)
    rack (1.2.2)
    torquebox (1.0.0.CR1)
      torquebox-base (= 1.0.0.CR1)
      torquebox-messaging (= 1.0.0.CR1)
      torquebox-naming (= 1.0.0.CR1)
      torquebox-rake-support (= 1.0.0.CR1)
      torquebox-web (= 1.0.0.CR1)
    torquebox-base (1.0.0.CR1-java)
    torquebox-capistrano-support (1.0.0.CR1)
    torquebox-container-foundation (1.0.0.CR1-java)
      torquebox-base (= 1.0.0.CR1)
    torquebox-messaging (1.0.0.CR1-java)
      torquebox-base (= 1.0.0.CR1)
      torquebox-naming (= 1.0.0.CR1)
    torquebox-messaging-container (1.0.0.CR1-java)
      torquebox-container-foundation (= 1.0.0.CR1)
      torquebox-naming (= 1.0.0.CR1)
    torquebox-naming (1.0.0.CR1-java)
    torquebox-naming-container (1.0.0.CR1-java)
      torquebox-container-foundation (= 1.0.0.CR1)
      torquebox-naming (= 1.0.0.CR1)
    torquebox-rake-support (1.0.0.CR1)
    torquebox-vfs (1.0.0.CR1)
    torquebox-web (1.0.0.CR1-java)
    trinidad (1.1.0)
      jruby-rack (>= 1.0.6)
      trinidad_jars (>= 1.0.0)
    trinidad_jars (1.0.1)

PLATFORMS
  java

DEPENDENCIES
  aspen (= 1.0)!
  jruby-rack (= 1.0.8)
  kirk!
  mizuno (= 0.4.0)
  rack (= 1.2.2)
  torquebox (= 1.0.0.CR1)
  torquebox-capistrano-support (= 1.0.0.CR1)
  torquebox-container-foundation (= 1.0.0.CR1)
  torquebox-messaging-container (= 1.0.0.CR1)
  torquebox-naming-container (= 1.0.0.CR1)
  torquebox-vfs (= 1.0.0.CR1)
  trinidad (= 1.1.0)
  trinidad_jars (= 1.0.1)
